GIT
  remote: git@github.com:tmaesaka/transifex-ruby.git
  revision: a5994ab559c90f4e419eeff287a5beac0e5fa81f
  specs:
    transifex-ruby (0.0.4)
      faraday (~> 0.8.0)
      faraday_middleware (~> 0.9.0)
      hashie (~> 1.2.0)

GEM
  remote: http://rubygems.org/
  specs:
    faraday (0.8.9)
      multipart-post (~> 1.2.0)
    faraday_middleware (0.9.2)
      faraday (>= 0.7.4, < 0.10)
    haml (4.0.6)
      tilt
    hashie (1.2.0)
    multipart-post (1.2.0)
    rack (1.6.4)
    rack-protection (1.5.3)
      rack
    sinatra (1.4.6)
      rack (~> 1.4)
      rack-protection (~> 1.4)
      tilt (>= 1.3, < 3)
    tilt (2.0.1)

PLATFORMS
  ruby

DEPENDENCIES
  haml
  sinatra
  transifex-ruby!

BUNDLED WITH
   1.10.4
